PATH
  remote: .
  specs:
    sidekiq-crypt (0.1.0)
      sidekiq (>= 3.0)

GEM
  remote: https://rubygems.org/
  specs:
    appraisal (2.2.0)
      bundler
      rake
      thor (>= 0.14.0)
    connection_pool (2.2.2)
    minitest (5.12.2)
    rack (2.0.7)
    rack-protection (2.0.7)
      rack
    rake (10.5.0)
    redis (4.1.3)
    sidekiq (6.0.3)
      connection_pool (>= 2.2.2)
      rack (>= 2.0.0)
      rack-protection (>= 2.0.0)
      redis (>= 4.1.0)
    thor (0.20.3)

PLATFORMS
  ruby

DEPENDENCIES
  appraisal
  bundler (~> 1.17)
  minitest (~> 5.0)
  rake (~> 10.0)
  sidekiq-crypt!

BUNDLED WITH
   1.17.3
